GEM
  remote: https://artifactory.umn.edu/artifactory/api/gems/asr-rubygems/
  specs:
    actioncable (7.0.5.1)
      actionpack (= 7.0.5.1)
      activesupport (= 7.0.5.1)
      nio4r (~> 2.0)
      websocket-driver (>= 0.6.1)
    actionmailbox (7.0.5.1)
      actionpack (= 7.0.5.1)
      activejob (= 7.0.5.1)
      activerecord (= 7.0.5.1)
      activestorage (= 7.0.5.1)
      activesupport (= 7.0.5.1)
      mail (>= 2.7.1)
      net-imap
      net-pop
      net-smtp
    actionmailer (7.0.5.1)
      actionpack (= 7.0.5.1)
      actionview (= 7.0.5.1)
      activejob (= 7.0.5.1)
      activesupport (= 7.0.5.1)
      mail (~> 2.5, >= 2.5.4)
      net-imap
      net-pop
      net-smtp
      rails-dom-testing (~> 2.0)
    actionpack (7.0.5.1)
      actionview (= 7.0.5.1)
      activesupport (= 7.0.5.1)
      rack (~> 2.0, >= 2.2.4)
      rack-test (>= 0.6.3)
      rails-dom-testing (~> 2.0)
      rails-html-sanitizer (~> 1.0, >= 1.2.0)
    actiontext (7.0.5.1)
      actionpack (= 7.0.5.1)
      activerecord (= 7.0.5.1)
      activestorage (= 7.0.5.1)
      activesupport (= 7.0.5.1)
      globalid (>= 0.6.0)
      nokogiri (>= 1.8.5)
    actionview (7.0.5.1)
      activesupport (= 7.0.5.1)
      builder (~> 3.1)
      erubi (~> 1.4)
      rails-dom-testing (~> 2.0)
      rails-html-sanitizer (~> 1.1, >= 1.2.0)
    activejob (7.0.5.1)
      activesupport (= 7.0.5.1)
      globalid (>= 0.3.6)
    activemodel (7.0.5.1)
      activesupport (= 7.0.5.1)
    activerecord (7.0.5.1)
      activemodel (= 7.0.5.1)
      activesupport (= 7.0.5.1)
    activerecord-oracle_enhanced-adapter (7.0.2)
      activerecord (~> 7.0.0)
      ruby-oci8
      ruby-plsql (>= 0.6.0)
    activestorage (7.0.5.1)
      actionpack (= 7.0.5.1)
      activejob (= 7.0.5.1)
      activerecord (= 7.0.5.1)
      activesupport (= 7.0.5.1)
      marcel (~> 1.0)
      mini_mime (>= 1.1.0)
    activesupport (7.0.5.1)
      concurrent-ruby (~> 1.0, >= 1.0.2)
      i18n (>= 1.6, < 2)
      minitest (>= 5.1)
      tzinfo (~> 2.0)
    airbrussh (1.4.1)
      sshkit (>= 1.6.1, != 1.7.0)
    ast (2.4.2)
    bcrypt_pbkdf (1.1.0)
    brakeman (5.4.1)
    builder (3.2.4)
    bundler-audit (0.9.1)
      bundler (>= 1.2.0, < 3)
      thor (~> 1.0)
    capistrano (3.16.0)
      airbrussh (>= 1.0.0)
      i18n
      rake (>= 10.0.0)
      sshkit (>= 1.9.0)
    capistrano-bundler (2.1.0)
      capistrano (~> 3.1)
    capistrano-logrotate (0.4.0)
      capistrano (~> 3.0)
    capistrano-passenger (0.1.1)
      capistrano (~> 3.0)
    capistrano-rails (1.6.2)
      capistrano (~> 3.1)
      capistrano-bundler (>= 1.1, < 3)
    composite_primary_keys (14.0.4)
      activerecord (~> 7.0.2)
    concurrent-ruby (1.2.2)
    crass (1.0.6)
    date (3.3.3)
    diff-lcs (1.5.0)
    ed25519 (1.3.0)
    encryptor (1.3.0)
    erubi (1.12.0)
    ffi (1.15.5)
    globalid (1.1.0)
      activesupport (>= 5.0)
    i18n (1.14.1)
      concurrent-ruby (~> 1.0)
    json (2.5.1)
    jsonapi-resources (0.9.12)
      activerecord (>= 4.1)
      concurrent-ruby
      railties (>= 4.1)
    lastpassify (0.6.0)
      thor
    listen (3.7.1)
      rb-fsevent (~> 0.10, >= 0.10.3)
      rb-inotify (~> 0.9, >= 0.9.10)
    lograge (0.12.0)
      actionpack (>= 4)
      activesupport (>= 4)
      railties (>= 4)
      request_store (~> 1.0)
    logstash-event (1.2.02)
    loofah (2.21.3)
      crass (~> 1.0.2)
      nokogiri (>= 1.12.0)
    mail (2.8.1)
      mini_mime (>= 0.1.1)
      net-imap
      net-pop
      net-smtp
    marcel (1.0.2)
    method_source (1.0.0)
    mini_mime (1.1.2)
    mini_portile2 (2.8.2)
    minitest (5.18.1)
    net-imap (0.3.6)
      date
      net-protocol
    net-pop (0.1.2)
      net-protocol
    net-protocol (0.2.1)
      timeout
    net-scp (4.0.0)
      net-ssh (>= 2.6.5, < 8.0.0)
    net-smtp (0.3.3)
      net-protocol
    net-ssh (7.0.1)
    nio4r (2.5.9)
    nokogiri (1.14.5)
      mini_portile2 (~> 2.8.0)
      racc (~> 1.4)
    parallel (1.22.1)
    parser (3.1.2.1)
      ast (~> 2.4.1)
    peoplesoft_models (0.4.0)
      activerecord (>= 3.2.22.3)
      composite_primary_keys (>= 5.0.14)
      encryptor (~> 1.1)
    racc (1.7.1)
    rack (2.2.7)
    rack-cache (1.13.0)
      rack (>= 0.4)
    rack-cors (1.1.1)
      rack (>= 2.0.0)
    rack-test (2.1.0)
      rack (>= 1.3)
    rails (7.0.5.1)
      actioncable (= 7.0.5.1)
      actionmailbox (= 7.0.5.1)
      actionmailer (= 7.0.5.1)
      actionpack (= 7.0.5.1)
      actiontext (= 7.0.5.1)
      actionview (= 7.0.5.1)
      activejob (= 7.0.5.1)
      activemodel (= 7.0.5.1)
      activerecord (= 7.0.5.1)
      activestorage (= 7.0.5.1)
      activesupport (= 7.0.5.1)
      bundler (>= 1.15.0)
      railties (= 7.0.5.1)
    rails-dom-testing (2.0.3)
      activesupport (>= 4.2.0)
      nokogiri (>= 1.6)
    rails-html-sanitizer (1.6.0)
      loofah (~> 2.21)
      nokogiri (~> 1.14)
    railties (7.0.5.1)
      actionpack (= 7.0.5.1)
      activesupport (= 7.0.5.1)
      method_source
      rake (>= 12.2)
      thor (~> 1.0)
      zeitwerk (~> 2.5)
    rainbow (3.1.1)
    rake (13.0.6)
    rb-fsevent (0.11.2)
    rb-inotify (0.10.1)
      ffi (~> 1.0)
    regexp_parser (2.6.0)
    request_store (1.5.1)
      rack (>= 1.4)
    rexml (3.2.5)
    rspec (3.10.0)
      rspec-core (~> 3.10.0)
      rspec-expectations (~> 3.10.0)
      rspec-mocks (~> 3.10.0)
    rspec-core (3.10.2)
      rspec-support (~> 3.10.0)
    rspec-expectations (3.10.2)
      diff-lcs (>= 1.2.0, < 2.0)
      rspec-support (~> 3.10.0)
    rspec-mocks (3.10.3)
      diff-lcs (>= 1.2.0, < 2.0)
      rspec-support (~> 3.10.0)
    rspec-rails (4.1.2)
      actionpack (>= 4.2)
      activesupport (>= 4.2)
      railties (>= 4.2)
      rspec-core (~> 3.10)
      rspec-expectations (~> 3.10)
      rspec-mocks (~> 3.10)
      rspec-support (~> 3.10)
    rspec-support (3.10.3)
    rubocop (1.35.1)
      json (~> 2.3)
      parallel (~> 1.10)
      parser (>= 3.1.2.1)
      rainbow (>= 2.2.2, < 4.0)
      regexp_parser (>= 1.8, < 3.0)
      rexml (>= 3.2.5, < 4.0)
      rubocop-ast (>= 1.20.1, < 2.0)
      ruby-progressbar (~> 1.7)
      unicode-display_width (>= 1.4.0, < 3.0)
    rubocop-ast (1.23.0)
      parser (>= 3.1.1.0)
    rubocop-performance (1.14.3)
      rubocop (>= 1.7.0, < 2.0)
      rubocop-ast (>= 0.4.0)
    ruby-oci8 (2.2.11)
    ruby-plsql (0.8.0)
    ruby-progressbar (1.11.0)
    snapshot_builder (0.10.0)
    sshkit (1.21.3)
      net-scp (>= 1.1.2)
      net-ssh (>= 2.8.0)
    standard (1.16.1)
      rubocop (= 1.35.1)
      rubocop-performance (= 1.14.3)
    thor (1.2.2)
    timeout (0.4.0)
    tzinfo (2.0.6)
      concurrent-ruby (~> 1.0)
    umn_peoplesoft_models (0.13.0)
      peoplesoft_models (~> 0)
    unicode-display_width (2.3.0)
    view_builder (0.2.0)
    websocket-driver (0.7.5)
      websocket-extensions (>= 0.1.0)
    websocket-extensions (0.1.5)
    zeitwerk (2.6.8)

PLATFORMS
  ruby

DEPENDENCIES
  activerecord-oracle_enhanced-adapter (~> 7.0.2)!
  bcrypt_pbkdf (>= 1.0, < 2.0)!
  brakeman (~> 5)!
  bundler-audit!
  capistrano (~> 3.16.0)!
  capistrano-logrotate (= 0.4.0)!
  capistrano-passenger (~> 0.1.1)!
  capistrano-rails (~> 1.6.1)!
  ed25519 (>= 1.2, < 2.0)!
  json (~> 2.5.1)!
  jsonapi-resources (~> 0.9.0)!
  lastpassify!
  listen!
  lograge!
  logstash-event!
  nokogiri (~> 1.14.0)!
  peoplesoft_models (~> 0.4.0)!
  rack-cache!
  rack-cors!
  rails (~> 7.0)!
  rspec (~> 3.10.0)!
  rspec-rails (~> 4.1.2)!
  ruby-oci8 (~> 2.2, >= 2.2.9)!
  snapshot_builder (~> 0.10.0)!
  standard!
  umn_peoplesoft_models (~> 0.13.0)!
  view_builder (~> 0.2.0)!

RUBY VERSION
   ruby 2.7.2p137

BUNDLED WITH
   2.1.4
